GEM
  remote: https://rubygems.org/
  specs:
    rake (12.3.3)
    rubyzip (1.3.0)

PLATFORMS
  ruby
  x64-mingw32

DEPENDENCIES
  rake
  rubyzip

BUNDLED WITH
   2.1.4
