GEM
  remote: https://rubygems.org/
  specs:
    rake (12.3.2)
    rubyzip (1.2.2)

PLATFORMS
  ruby

DEPENDENCIES
  rake
  rubyzip

BUNDLED WITH
   1.17.1
